GEM
  specs:
    awesome_print (1.6.1)
    docker-api (1.22.4)
      excon (>= 0.38.0)
      json
    excon (0.45.4)
    json (1.8.3)

PLATFORMS
  ruby

DEPENDENCIES
  awesome_print
  docker-api

BUNDLED WITH
   1.11.2
