GEM
  remote: https://rubygems.org/
  specs:
    awesome_print (1.6.1)
    docker-api (1.26.2)
      excon (>= 0.38.0)
      json
    excon (0.47.0)
    json (1.8.3)
    mysql2 (0.4.3)
    rack (1.6.0)
    rack-protection (1.5.3)
      rack
    sinatra (1.4.5)
      rack (~> 1.4)
      rack-protection (~> 1.4)
      tilt (~> 1.3, >= 1.3.4)
    tilt (1.4.1)

PLATFORMS
  ruby

DEPENDENCIES
  awesome_print
  docker-api
  json (= 1.8.3)
  mysql2 (= 0.4.3)
  sinatra

BUNDLED WITH
   1.11.2
