GEM
  remote: https://rubygems.org/
  specs:
    awesome_print (1.6.1)
    docker-api (1.26.2)
      excon (>= 0.38.0)
      json
    excon (0.47.0)
    json (1.8.3)

PLATFORMS
  ruby

DEPENDENCIES
  awesome_print
  docker-api
  json (= 1.8.3)

BUNDLED WITH
   1.11.2
